GEM
  specs:
    rufo (0.12.0)

PLATFORMS
  x64-mingw32

DEPENDENCIES
  rufo

BUNDLED WITH
   2.2.7
